GEM
  remote: https://rubygems.org/
  specs:
    awesome_print (1.7.0)
    chronic (0.10.2)
    crass (1.0.2)
    fast-stemmer (1.0.2)
    mini_portile2 (2.1.0)
    nokogiri (1.7.1)
      mini_portile2 (~> 2.1.0)
    nokogumbo (1.4.10)
      nokogiri
    pismo (0.7.4)
      awesome_print
      chronic
      fast-stemmer
      nokogiri
      sanitize
    sanitize (4.4.0)
      crass (~> 1.0.2)
      nokogiri (>= 1.4.4)
      nokogumbo (~> 1.4.1)

PLATFORMS
  ruby

DEPENDENCIES
  pismo

BUNDLED WITH
   1.14.6
